STORAGE: NONE
RESTRICTION: || (== net9.0) (== net9.0-windows7.0)
NUGET
  remote: https://api.nuget.org/v3/index.json
    CommandLineParser (2.9.1)
    managedwifi (1.1)
    Microsoft.Extensions.DependencyInjection.Abstractions (9.0.6)
    Microsoft.Extensions.Logging.Abstractions (9.0.6)
      Microsoft.Extensions.DependencyInjection.Abstractions (>= 9.0.6)
    Newtonsoft.Json (13.0.3)
    NHotkey (3.0)
    NHotkey.WindowsForms (3.0)
    System.Windows.Forms (4.0)
    YamlDotNet (16.3)
