STORAGE: NONE
RESTRICTION: == net5.0
NUGET
  remote: https://api.nuget.org/v3/index.json
    CommandLineParser (2.8)
    managedwifi (1.1)
    Microsoft.Extensions.Logging.Abstractions (5.0)
    Newtonsoft.Json (13.0.1)
    NHotkey (2.1)
    NHotkey.WindowsForms (2.1)
      NHotkey (>= 2.1)
    System.Windows.Forms (4.0)
